GEM
  remote: http://rubygems.org/
  specs:
    activesupport (7.0.2.3)
      concurrent-ruby (~> 1.0, >= 1.0.2)
      i18n (>= 1.6, < 2)
      minitest (>= 5.1)
      tzinfo (~> 2.0)
    addressable (2.8.0)
      public_suffix (>= 2.0.2, < 5.0)
    ast (2.4.2)
    concurrent-ruby (1.1.9)
    contentful (2.16.3)
      http (> 0.8, < 5.0)
      multi_json (~> 1)
    contentful-management (3.3.0)
      http (> 1.0, < 5.0)
      json (>= 1.8, < 3.0)
      multi_json (~> 1)
    domain_name (0.5.20190701)
      unf (>= 0.0.5, < 1.0.0)
    dotenv (2.7.6)
    faraday (1.7.0)
      faraday-em_http (~> 1.0)
      faraday-em_synchrony (~> 1.0)
      faraday-excon (~> 1.1)
      faraday-httpclient (~> 1.0.1)
      faraday-net_http (~> 1.0)
      faraday-net_http_persistent (~> 1.1)
      faraday-patron (~> 1.0)
      faraday-rack (~> 1.0)
      multipart-post (>= 1.2, < 3)
      ruby2_keywords (>= 0.0.4)
    faraday-em_http (1.0.0)
    faraday-em_synchrony (1.0.0)
    faraday-excon (1.1.0)
    faraday-httpclient (1.0.1)
    faraday-net_http (1.0.1)
    faraday-net_http_persistent (1.2.0)
    faraday-patron (1.0.0)
    faraday-rack (1.0.0)
    ffi (1.15.5)
    ffi-compiler (1.0.1)
      ffi (>= 1.0.0)
      rake
    http (4.4.1)
      addressable (~> 2.3)
      http-cookie (~> 1.0)
      http-form_data (~> 2.2)
      http-parser (~> 1.2.0)
    http-cookie (1.0.4)
      domain_name (~> 0.5)
    http-form_data (2.3.0)
    http-parser (1.2.3)
      ffi-compiler (>= 1.0, < 2.0)
    i18n (1.9.1)
      concurrent-ruby (~> 1.0)
    json (2.6.1)
    listen (3.7.1)
      rb-fsevent (~> 0.10, >= 0.10.3)
      rb-inotify (~> 0.9, >= 0.9.10)
    mail (2.7.1)
      mini_mime (>= 0.1.1)
    mime-types (3.4.1)
      mime-types-data (~> 3.2015)
    mime-types-data (3.2022.0105)
    mini_mime (1.1.2)
    minitest (5.15.0)
    moneta (1.1.1)
    multi_json (1.15.0)
    multipart-post (2.1.1)
    mustermann (1.1.1)
      ruby2_keywords (~> 0.0.1)
    nio4r (2.5.8)
    padrino (0.15.1)
      padrino-admin (= 0.15.1)
      padrino-cache (= 0.15.1)
      padrino-core (= 0.15.1)
      padrino-gen (= 0.15.1)
      padrino-helpers (= 0.15.1)
      padrino-mailer (= 0.15.1)
      padrino-support (= 0.15.1)
    padrino-admin (0.15.1)
      padrino-core (= 0.15.1)
      padrino-helpers (= 0.15.1)
    padrino-cache (0.15.1)
      moneta (~> 1.1.0)
      padrino-core (= 0.15.1)
      padrino-helpers (= 0.15.1)
    padrino-core (0.15.1)
      padrino-support (= 0.15.1)
      sinatra (>= 2.0.0)
      thor (~> 1.0)
    padrino-gen (0.15.1)
      bundler (>= 1.0, < 3)
      padrino-core (= 0.15.1)
    padrino-helpers (0.15.1)
      i18n (>= 0.6.7, < 2)
      padrino-support (= 0.15.1)
      tilt (>= 1.4.1, < 3)
    padrino-mailer (0.15.1)
      mail (~> 2.5)
      mime-types (< 4)
      padrino-core (= 0.15.1)
    padrino-support (0.15.1)
    parallel (1.22.1)
    parser (3.1.1.0)
      ast (~> 2.4.1)
    power_assert (2.0.1)
    public_suffix (4.0.6)
    puma (5.6.4)
      nio4r (~> 2.0)
    rack (2.2.3)
    rack-cache (1.13.0)
      rack (>= 0.4)
    rack-protection (2.2.0)
      rack
    rack-test (1.1.0)
      rack (>= 1.0, < 3)
    rainbow (3.1.1)
    rake (13.0.6)
    rb-fsevent (0.11.1)
    rb-inotify (0.10.1)
      ffi (~> 1.0)
    redcarpet (3.5.1)
    regexp_parser (2.2.1)
    rerun (0.13.1)
      listen (~> 3.0)
    rexml (3.2.5)
    rubocop (1.26.1)
      parallel (~> 1.10)
      parser (>= 3.1.0.0)
      rainbow (>= 2.2.2, < 4.0)
      regexp_parser (>= 1.8, < 3.0)
      rexml
      rubocop-ast (>= 1.16.0, < 2.0)
      ruby-progressbar (~> 1.7)
      unicode-display_width (>= 1.4.0, < 3.0)
    rubocop-ast (1.16.0)
      parser (>= 3.1.1.0)
    rubocop-rake (0.6.0)
      rubocop (~> 1.0)
    ruby-progressbar (1.11.0)
    ruby2_keywords (0.0.5)
    sass (3.7.4)
      sass-listen (~> 4.0.0)
    sass-listen (4.0.0)
      rb-fsevent (~> 0.9, >= 0.9.4)
      rb-inotify (~> 0.9, >= 0.9.7)
    sinatra (2.2.0)
      mustermann (~> 1.0)
      rack (~> 2.2)
      rack-protection (= 2.2.0)
      tilt (~> 2.0)
    sinatra-contrib (2.2.0)
      multi_json
      mustermann (~> 1.0)
      rack-protection (= 2.2.0)
      sinatra (= 2.2.0)
      tilt (~> 2.0)
    test-unit (3.5.3)
      power_assert
    thor (1.2.1)
    tilt (2.0.10)
    tzinfo (2.0.4)
      concurrent-ruby (~> 1.0)
    unf (0.1.4)
      unf_ext
    unf_ext (0.0.8)
    unicode-display_width (2.1.0)

PLATFORMS
  x86_64-darwin-18
  x86_64-linux

DEPENDENCIES
  activesupport (= 7.0.2.3)
  addressable (= 2.8.0)
  contentful (= 2.16.3)
  contentful-management (= 3.3.0)
  dotenv (= 2.7.6)
  faraday (= 1.7.0)
  http (= 4.4.1)
  json (= 2.6.1)
  padrino (= 0.15.1)
  puma (= 5.6.4)
  rack-cache (= 1.13.0)
  rack-protection (= 2.2.0)
  rack-test (= 1.1.0)
  rake (= 13.0.6)
  redcarpet (= 3.5.1)
  rerun (= 0.13.1)
  rubocop (= 1.26.1)
  rubocop-rake (= 0.6.0)
  sass (= 3.7.4)
  sinatra (= 2.2.0)
  sinatra-contrib (= 2.2.0)
  test-unit (= 3.5.3)

RUBY VERSION
   ruby 3.1.1p18

BUNDLED WITH
   2.3.7
