GEM
  remote: http://rubygems.org/
  specs:
    activesupport (6.0.3.2)
      concurrent-ruby (~> 1.0, >= 1.0.2)
      i18n (>= 0.7, < 2)
      minitest (~> 5.1)
      tzinfo (~> 1.1)
      zeitwerk (~> 2.2, >= 2.2.2)
    addressable (2.7.0)
      public_suffix (>= 2.0.2, < 5.0)
    backports (3.17.0)
    concurrent-ruby (1.1.6)
    contentful (2.15.3)
      http (> 0.8, < 5.0)
      multi_json (~> 1)
    contentful-management (2.12.0)
      http (> 1.0, < 5.0)
      json (>= 1.8, < 3.0)
      multi_json (~> 1)
    daemons (1.3.1)
    domain_name (0.5.20190701)
      unf (>= 0.0.5, < 1.0.0)
    eventmachine (1.2.7)
    faraday (1.0.1)
      multipart-post (>= 1.2, < 3)
    ffi (1.12.2)
    ffi-compiler (1.0.1)
      ffi (>= 1.0.0)
      rake
    http (4.4.1)
      addressable (~> 2.3)
      http-cookie (~> 1.0)
      http-form_data (~> 2.2)
      http-parser (~> 1.2.0)
    http-cookie (1.0.3)
      domain_name (~> 0.5)
    http-form_data (2.3.0)
    http-parser (1.2.1)
      ffi-compiler (>= 1.0, < 2.0)
    i18n (0.9.5)
      concurrent-ruby (~> 1.0)
    json (2.3.0)
    listen (3.2.1)
      rb-fsevent (~> 0.10, >= 0.10.3)
      rb-inotify (~> 0.9, >= 0.9.10)
    mail (2.7.1)
      mini_mime (>= 0.1.1)
    mime-types (3.3.1)
      mime-types-data (~> 3.2015)
    mime-types-data (3.2020.0512)
    mini_mime (1.0.2)
    minitest (5.14.1)
    moneta (1.1.1)
    multi_json (1.14.1)
    multipart-post (2.1.1)
    mustermann (1.1.1)
      ruby2_keywords (~> 0.0.1)
    padrino (0.15.0)
      padrino-admin (= 0.15.0)
      padrino-cache (= 0.15.0)
      padrino-core (= 0.15.0)
      padrino-gen (= 0.15.0)
      padrino-helpers (= 0.15.0)
      padrino-mailer (= 0.15.0)
      padrino-support (= 0.15.0)
    padrino-admin (0.15.0)
      padrino-core (= 0.15.0)
      padrino-helpers (= 0.15.0)
    padrino-cache (0.15.0)
      moneta (~> 1.1.0)
      padrino-core (= 0.15.0)
      padrino-helpers (= 0.15.0)
    padrino-core (0.15.0)
      padrino-support (= 0.15.0)
      sinatra (>= 2.0.0)
      thor (~> 0.18)
    padrino-gen (0.15.0)
      bundler (>= 1.0, < 3)
      padrino-core (= 0.15.0)
    padrino-helpers (0.15.0)
      i18n (>= 0.6.7, < 2)
      padrino-support (= 0.15.0)
      tilt (>= 1.4.1, < 3)
    padrino-mailer (0.15.0)
      mail (~> 2.5)
      mime-types (< 4)
      padrino-core (= 0.15.0)
    padrino-support (0.15.0)
    public_suffix (4.0.4)
    rack (2.2.3)
    rack-cache (1.12.0)
      rack (>= 0.4)
    rack-protection (2.0.8.1)
      rack
    rack-test (1.1.0)
      rack (>= 1.0, < 3)
    rake (13.0.1)
    rb-fsevent (0.10.3)
    rb-inotify (0.10.1)
      ffi (~> 1.0)
    redcarpet (3.5.0)
    rerun (0.13.0)
      listen (~> 3.0)
    ruby2_keywords (0.0.2)
    sinatra (2.0.8.1)
      mustermann (~> 1.0)
      rack (~> 2.0)
      rack-protection (= 2.0.8.1)
      tilt (~> 2.0)
    sinatra-contrib (2.0.8.1)
      backports (>= 2.8.2)
      multi_json
      mustermann (~> 1.0)
      rack-protection (= 2.0.8.1)
      sinatra (= 2.0.8.1)
      tilt (~> 2.0)
    sinatra-partial (1.0.1)
      sinatra (>= 1.4)
    thin (1.7.2)
      daemons (~> 1.0, >= 1.0.9)
      eventmachine (~> 1.0, >= 1.0.4)
      rack (>= 1, < 3)
    thor (0.20.3)
    thread_safe (0.3.6)
    tilt (2.0.10)
    tzinfo (1.2.7)
      thread_safe (~> 0.1)
    unf (0.1.4)
      unf_ext
    unf_ext (0.0.7.7)
    zeitwerk (2.3.0)

PLATFORMS
  ruby

DEPENDENCIES
  activesupport (= 6.0.3.2)
  contentful (= 2.15.3)
  contentful-management (= 2.12.0)
  faraday (= 1.0.1)
  http (= 4.4.1)
  json (= 2.3.0)
  padrino (= 0.15.0)
  rack-cache (= 1.12.0)
  rack-protection (= 2.0.8.1)
  rack-test (= 1.1.0)
  rake (= 13.0.1)
  redcarpet (= 3.5.0)
  rerun (= 0.13.0)
  sinatra (= 2.0.8.1)
  sinatra-contrib (= 2.0.8.1)
  sinatra-partial (= 1.0.1)
  thin (= 1.7.2)

RUBY VERSION
   ruby 2.6.6p146

BUNDLED WITH
   1.17.3
