GEM
  remote: http://rubygems.org/
  specs:
    activesupport (6.1.3.2)
      concurrent-ruby (~> 1.0, >= 1.0.2)
      i18n (>= 1.6, < 2)
      minitest (>= 5.1)
      tzinfo (~> 2.0)
      zeitwerk (~> 2.3)
    addressable (2.7.0)
      public_suffix (>= 2.0.2, < 5.0)
    concurrent-ruby (1.1.8)
    contentful (2.16.1)
      http (> 0.8, < 5.0)
      multi_json (~> 1)
    contentful-management (3.0.0)
      http (> 1.0, < 5.0)
      json (>= 1.8, < 3.0)
      multi_json (~> 1)
    domain_name (0.5.20190701)
      unf (>= 0.0.5, < 1.0.0)
    faraday (1.4.1)
      faraday-excon (~> 1.1)
      faraday-net_http (~> 1.0)
      faraday-net_http_persistent (~> 1.1)
      multipart-post (>= 1.2, < 3)
      ruby2_keywords (>= 0.0.4)
    faraday-excon (1.1.0)
    faraday-net_http (1.0.1)
    faraday-net_http_persistent (1.1.0)
    ffi (1.15.0)
    ffi-compiler (1.0.1)
      ffi (>= 1.0.0)
      rake
    http (4.4.1)
      addressable (~> 2.3)
      http-cookie (~> 1.0)
      http-form_data (~> 2.2)
      http-parser (~> 1.2.0)
    http-cookie (1.0.3)
      domain_name (~> 0.5)
    http-form_data (2.3.0)
    http-parser (1.2.3)
      ffi-compiler (>= 1.0, < 2.0)
    i18n (1.8.10)
      concurrent-ruby (~> 1.0)
    json (2.5.1)
    listen (3.5.1)
      rb-fsevent (~> 0.10, >= 0.10.3)
      rb-inotify (~> 0.9, >= 0.9.10)
    mail (2.7.1)
      mini_mime (>= 0.1.1)
    mime-types (3.3.1)
      mime-types-data (~> 3.2015)
    mime-types-data (3.2021.0225)
    mini_mime (1.1.0)
    minitest (5.14.4)
    moneta (1.1.1)
    multi_json (1.15.0)
    multipart-post (2.1.1)
    mustermann (1.1.1)
      ruby2_keywords (~> 0.0.1)
    nio4r (2.5.7)
    padrino (0.15.1)
      padrino-admin (= 0.15.1)
      padrino-cache (= 0.15.1)
      padrino-core (= 0.15.1)
      padrino-gen (= 0.15.1)
      padrino-helpers (= 0.15.1)
      padrino-mailer (= 0.15.1)
      padrino-support (= 0.15.1)
    padrino-admin (0.15.1)
      padrino-core (= 0.15.1)
      padrino-helpers (= 0.15.1)
    padrino-cache (0.15.1)
      moneta (~> 1.1.0)
      padrino-core (= 0.15.1)
      padrino-helpers (= 0.15.1)
    padrino-core (0.15.1)
      padrino-support (= 0.15.1)
      sinatra (>= 2.0.0)
      thor (~> 1.0)
    padrino-gen (0.15.1)
      bundler (>= 1.0, < 3)
      padrino-core (= 0.15.1)
    padrino-helpers (0.15.1)
      i18n (>= 0.6.7, < 2)
      padrino-support (= 0.15.1)
      tilt (>= 1.4.1, < 3)
    padrino-mailer (0.15.1)
      mail (~> 2.5)
      mime-types (< 4)
      padrino-core (= 0.15.1)
    padrino-support (0.15.1)
    public_suffix (4.0.6)
    puma (5.3.1)
      nio4r (~> 2.0)
    rack (2.2.3)
    rack-cache (1.12.1)
      rack (>= 0.4)
    rack-protection (2.1.0)
      rack
    rack-test (1.1.0)
      rack (>= 1.0, < 3)
    rake (13.0.3)
    rb-fsevent (0.10.4)
    rb-inotify (0.10.1)
      ffi (~> 1.0)
    redcarpet (3.5.1)
    rerun (0.13.1)
      listen (~> 3.0)
    ruby2_keywords (0.0.4)
    sass (3.7.4)
      sass-listen (~> 4.0.0)
    sass-listen (4.0.0)
      rb-fsevent (~> 0.9, >= 0.9.4)
      rb-inotify (~> 0.9, >= 0.9.7)
    sinatra (2.1.0)
      mustermann (~> 1.0)
      rack (~> 2.2)
      rack-protection (= 2.1.0)
      tilt (~> 2.0)
    sinatra-contrib (2.1.0)
      multi_json
      mustermann (~> 1.0)
      rack-protection (= 2.1.0)
      sinatra (= 2.1.0)
      tilt (~> 2.0)
    thor (1.1.0)
    tilt (2.0.10)
    tzinfo (2.0.4)
      concurrent-ruby (~> 1.0)
    unf (0.1.4)
      unf_ext
    unf_ext (0.0.7.7)
    zeitwerk (2.4.2)

PLATFORMS
  ruby

DEPENDENCIES
  activesupport (= 6.1.3.2)
  contentful (= 2.16.1)
  contentful-management (= 3.0.0)
  faraday (= 1.4.1)
  http (= 4.4.1)
  json (= 2.5.1)
  padrino (= 0.15.1)
  puma (= 5.3.1)
  rack-cache (= 1.12.1)
  rack-protection (= 2.1.0)
  rack-test (= 1.1.0)
  rake (= 13.0.3)
  redcarpet (= 3.5.1)
  rerun (= 0.13.1)
  sass (= 3.7.4)
  sinatra (= 2.1.0)
  sinatra-contrib (= 2.1.0)

RUBY VERSION
   ruby 2.7.2p137

BUNDLED WITH
   2.1.4
